PATH
  remote: .
  specs:
     (0.0.0)

GEM
  remote: https://rubygems.org/
  specs:
    CFPropertyList (2.2.8)
    ast (2.3.0)
    beaker (1.0.0)
      blimpy
      fission
      inifile
      json
      net-scp
      net-ssh
      nokogiri (= 1.5.10)
      rbvmomi
      unf
    beaker-facter (0.1.0)
      stringify-hash (~> 0.0.0)
    beaker-hiera (0.1.1)
      stringify-hash (~> 0.0.0)
    beaker-rspec (2.0.0)
      beaker
      rspec
    blimpy (0.6.7)
      fog
      minitar
      thor
    builder (3.2.2)
    coderay (1.1.1)
    coveralls (0.8.17)
      json (>= 1.8, < 3)
      simplecov (~> 0.12.0)
      term-ansicolor (~> 1.3)
      thor (~> 0.19.1)
      tins (~> 1.6)
    diff-lcs (1.2.5)
    docile (1.1.5)
    excon (0.31.0)
    facter (2.4.6)
      CFPropertyList (~> 2.2.6)
    fast_gettext (1.1.0)
    fission (0.5.0)
      CFPropertyList (~> 2.2)
    fog (1.19.0)
      builder
      excon (~> 0.31.0)
      formatador (~> 0.2.0)
      mime-types
      multi_json (~> 1.0)
      net-scp (~> 1.1)
      net-ssh (>= 2.1.3)
      nokogiri (~> 1.5)
      ruby-hmac
    formatador (0.2.5)
    gettext (3.2.2)
      locale (>= 2.0.5)
      text (>= 1.3.0)
    gettext-setup (0.8)
      fast_gettext (~> 1.1.0)
      gettext (>= 3.0.2)
    hiera (1.3.4)
      json_pure
    hiera-puppet-helper (1.0.1)
    inifile (3.0.0)
    json (1.8.3)
    json_pure (2.0.2)
    locale (2.1.2)
    metaclass (0.0.4)
    metadata-json-lint (1.0.0)
      json
      semantic_puppet (>= 0.1.2, < 2.0.0)
      spdx-licenses (~> 1.0)
    method_source (0.8.2)
    mime-types (3.1)
      mime-types-data (~> 3.2015)
    mime-types-data (3.2016.0521)
    minitar (0.5.4)
    minitest (4.7.5)
    mixlib-cli (1.7.0)
    mocha (1.2.1)
      metaclass (~> 0.0.1)
    multi_json (1.12.1)
    net-scp (1.2.1)
      net-ssh (>= 2.6.5)
    net-ssh (3.2.0)
    net-telnet (0.1.1)
    nokogiri (1.5.10)
    parser (2.3.3.1)
      ast (~> 2.2)
    powerpack (0.1.1)
    pry (0.10.4)
      coderay (~> 1.1.0)
      method_source (~> 0.8.1)
      slop (~> 3.4)
    puppet (3.8.7)
      facter (> 1.6, < 3)
      hiera (~> 1.0)
      json_pure
    puppet-lint (1.1.0)
    puppet-strings (1.0.0)
      yard (~> 0.9.5)
    puppet-syntax (2.2.0)
      rake
    puppetlabs_spec_helper (1.1.1)
      mocha
      puppet-lint
      puppet-syntax
      rake
      rspec-puppet
    rainbow (2.1.0)
    rake (10.5.0)
    rbvmomi (1.9.4)
      builder (~> 3.2)
      json (>= 1.8)
      nokogiri (~> 1.5)
      trollop (~> 2.1)
    rspec (3.5.0)
      rspec-core (~> 3.5.0)
      rspec-expectations (~> 3.5.0)
      rspec-mocks (~> 3.5.0)
    rspec-core (3.5.4)
      rspec-support (~> 3.5.0)
    rspec-expectations (3.5.0)
      diff-lcs (>= 1.2.0, < 2.0)
      rspec-support (~> 3.5.0)
    rspec-its (1.2.0)
      rspec-core (>= 3.0.0)
      rspec-expectations (>= 3.0.0)
    rspec-mocks (3.5.0)
      diff-lcs (>= 1.2.0, < 2.0)
      rspec-support (~> 3.5.0)
    rspec-puppet (2.5.0)
      rspec
    rspec-support (3.5.0)
    rubocop (0.46.0)
      parser (>= 2.3.1.1, < 3.0)
      powerpack (~> 0.1)
      rainbow (>= 1.99.1, < 3.0)
      ruby-progressbar (~> 1.7)
      unicode-display_width (~> 1.0, >= 1.0.1)
    ruby-augeas (0.5.0)
    ruby-hmac (0.4.0)
    ruby-progressbar (1.8.1)
    semantic_puppet (0.1.4)
      gettext-setup (>= 0.3)
    sensu-plugin (1.4.4)
      json (< 2.0.0)
      mixlib-cli (>= 1.5.0)
    serverspec (2.37.2)
      multi_json
      rspec (~> 3.0)
      rspec-its
      specinfra (~> 2.53)
    sfl (2.3)
    simplecov (0.12.0)
      docile (~> 1.1.0)
      json (>= 1.8, < 3)
      simplecov-html (~> 0.10.0)
    simplecov-html (0.10.0)
    slop (3.6.0)
    spdx-licenses (1.1.0)
    specinfra (2.66.2)
      net-scp
      net-ssh (>= 2.7, < 4.0)
      net-telnet
      sfl
    stringify-hash (0.0.2)
    term-ansicolor (1.4.0)
      tins (~> 1.0)
    text (1.3.1)
    thor (0.19.4)
    tins (1.13.0)
    trollop (2.1.2)
    unf (0.1.4)
      unf_ext
    unf_ext (0.0.7.2)
    unicode-display_width (1.1.2)
    wirble (0.1.3)
    yard (0.9.5)

PLATFORMS
  ruby

DEPENDENCIES
  !
  beaker (< 3)!
  beaker-facter!
  beaker-hiera!
  beaker-rspec!
  bundler (~> 1.11)!
  coveralls!
  hiera!
  hiera-puppet-helper!
  metadata-json-lint!
  minitest (< 5)!
  pry!
  puppet (< 4)!
  puppet-lint (= 1.1.0)!
  puppet-strings!
  puppet-syntax!
  puppetlabs_spec_helper!
  rake (~> 10.0)!
  rspec!
  rubocop!
  ruby-augeas!
  sensu-plugin!
  serverspec!
  wirble!
  yard!

BUNDLED WITH
   1.12.5
